GEM
  remote: http://rubygems.org/
  specs:
    awesome_print (0.4.0)
    diff-lcs (1.1.3)
    hpricot (0.8.4)
    nokogiri (1.5.0)
    rspec (2.7.0)
      rspec-core (~> 2.7.0)
      rspec-expectations (~> 2.7.0)
      rspec-mocks (~> 2.7.0)
    rspec-core (2.7.1)
    rspec-expectations (2.7.0)
      diff-lcs (~> 1.1.2)
    rspec-mocks (2.7.0)
    sequel (3.29.0)
    sqlite3 (1.3.4)
    torrent_api (0.2.2)
      hpricot
      nokogiri

PLATFORMS
  ruby

DEPENDENCIES
  awesome_print
  rspec (~> 2.7)
  sequel (~> 3.2)
  sqlite3 (~> 1.3)
  torrent_api (~> 0.2)
